RESTRICTION: || (== netcoreapp2.0) (== netstandard2.0) (>= net461)
NUGET
  remote: https://www.nuget.org/api/v2
    Argu (5.1)
      FSharp.Core (>= 4.0.0.1) - restriction: || (&& (== netcoreapp2.0) (>= net45)) (&& (== netstandard2.0) (>= net45)) (>= net461)
      FSharp.Core (>= 4.3.2) - restriction: || (== netcoreapp2.0) (== netstandard2.0) (&& (< net45) (>= net461) (>= netstandard2.0))
      System.Configuration.ConfigurationManager (>= 4.4) - restriction: || (== netcoreapp2.0) (== netstandard2.0) (&& (< net45) (>= net461) (>= netstandard2.0))
    Expecto (7.0)
      Argu (>= 5.1)
      Mono.Cecil (>= 0.10.0-beta7)
      System.Diagnostics.FileVersionInfo (>= 4.3) - restriction: || (== netcoreapp2.0) (== netstandard2.0)
    FAKE (4.64.11)
    FSharp.Core (4.3.4)
    Microsoft.NETCore.Platforms (2.0.1) - restriction: || (== netcoreapp2.0) (== netstandard2.0) (&& (< net35) (>= net461))
    Microsoft.NETCore.Targets (2.0) - restriction: || (== netcoreapp2.0) (== netstandard2.0) (&& (< net35) (>= net461))
    Mono.Cecil (0.10)
      System.Collections (>= 4.0.11) - restriction: || (== netcoreapp2.0) (== netstandard2.0) (&& (< net35) (>= net461))
      System.IO.FileSystem (>= 4.0.1) - restriction: || (== netcoreapp2.0) (== netstandard2.0) (&& (< net35) (>= net461))
      System.IO.FileSystem.Primitives (>= 4.0.1) - restriction: || (== netcoreapp2.0) (== netstandard2.0) (&& (< net35) (>= net461))
      System.Reflection (>= 4.1) - restriction: || (== netcoreapp2.0) (== netstandard2.0) (&& (< net35) (>= net461))
      System.Runtime.Extensions (>= 4.1) - restriction: || (== netcoreapp2.0) (== netstandard2.0) (&& (< net35) (>= net461))
      System.Security.Cryptography.Algorithms (>= 4.2) - restriction: || (== netcoreapp2.0) (== netstandard2.0) (&& (< net35) (>= net461))
      System.Security.Cryptography.Csp (>= 4.0) - restriction: || (== netcoreapp2.0) (== netstandard2.0) (&& (< net35) (>= net461))
      System.Threading (>= 4.0.11) - restriction: || (== netcoreapp2.0) (== netstandard2.0) (&& (< net35) (>= net461))
    runtime.debian.8-x64.runtime.native.System.Security.Cryptography.OpenSsl (4.3.2) - restriction: || (== netcoreapp2.0) (== netstandard2.0) (&& (< net35) (>= net461) (>= netstandard1.6))
    runtime.fedora.23-x64.runtime.native.System.Security.Cryptography.OpenSsl (4.3.2) - restriction: || (== netcoreapp2.0) (== netstandard2.0) (&& (< net35) (>= net461) (>= netstandard1.6))
    runtime.fedora.24-x64.runtime.native.System.Security.Cryptography.OpenSsl (4.3.2) - restriction: || (== netcoreapp2.0) (== netstandard2.0) (&& (< net35) (>= net461) (>= netstandard1.6))
    runtime.native.System.Security.Cryptography.Apple (4.3.1) - restriction: || (== netcoreapp2.0) (== netstandard2.0) (&& (< net35) (>= net461) (>= netstandard1.6))
      runtime.osx.10.10-x64.runtime.native.System.Security.Cryptography.Apple (>= 4.3.1)
    runtime.native.System.Security.Cryptography.OpenSsl (4.3.2) - restriction: || (== netcoreapp2.0) (== netstandard2.0) (&& (< net35) (>= net461) (>= netstandard1.6))
      runtime.debian.8-x64.runtime.native.System.Security.Cryptography.OpenSsl (>= 4.3.2)
      runtime.fedora.23-x64.runtime.native.System.Security.Cryptography.OpenSsl (>= 4.3.2)
      runtime.fedora.24-x64.runtime.native.System.Security.Cryptography.OpenSsl (>= 4.3.2)
      runtime.opensuse.13.2-x64.runtime.native.System.Security.Cryptography.OpenSsl (>= 4.3.2)
      runtime.opensuse.42.1-x64.runtime.native.System.Security.Cryptography.OpenSsl (>= 4.3.2)
      runtime.osx.10.10-x64.runtime.native.System.Security.Cryptography.OpenSsl (>= 4.3.2)
      runtime.rhel.7-x64.runtime.native.System.Security.Cryptography.OpenSsl (>= 4.3.2)
      runtime.ubuntu.14.04-x64.runtime.native.System.Security.Cryptography.OpenSsl (>= 4.3.2)
      runtime.ubuntu.16.04-x64.runtime.native.System.Security.Cryptography.OpenSsl (>= 4.3.2)
      runtime.ubuntu.16.10-x64.runtime.native.System.Security.Cryptography.OpenSsl (>= 4.3.2)
    runtime.opensuse.13.2-x64.runtime.native.System.Security.Cryptography.OpenSsl (4.3.2) - restriction: || (== netcoreapp2.0) (== netstandard2.0) (&& (< net35) (>= net461) (>= netstandard1.6))
    runtime.opensuse.42.1-x64.runtime.native.System.Security.Cryptography.OpenSsl (4.3.2) - restriction: || (== netcoreapp2.0) (== netstandard2.0) (&& (< net35) (>= net461) (>= netstandard1.6))
    runtime.osx.10.10-x64.runtime.native.System.Security.Cryptography.Apple (4.3.1) - restriction: || (== netcoreapp2.0) (== netstandard2.0) (&& (< net35) (>= net461) (>= netstandard1.6))
    runtime.osx.10.10-x64.runtime.native.System.Security.Cryptography.OpenSsl (4.3.2) - restriction: || (== netcoreapp2.0) (== netstandard2.0) (&& (< net35) (>= net461) (>= netstandard1.6))
    runtime.rhel.7-x64.runtime.native.System.Security.Cryptography.OpenSsl (4.3.2) - restriction: || (== netcoreapp2.0) (== netstandard2.0) (&& (< net35) (>= net461) (>= netstandard1.6))
    runtime.ubuntu.14.04-x64.runtime.native.System.Security.Cryptography.OpenSsl (4.3.2) - restriction: || (== netcoreapp2.0) (== netstandard2.0) (&& (< net35) (>= net461) (>= netstandard1.6))
    runtime.ubuntu.16.04-x64.runtime.native.System.Security.Cryptography.OpenSsl (4.3.2) - restriction: || (== netcoreapp2.0) (== netstandard2.0) (&& (< net35) (>= net461) (>= netstandard1.6))
    runtime.ubuntu.16.10-x64.runtime.native.System.Security.Cryptography.OpenSsl (4.3.2) - restriction: || (== netcoreapp2.0) (== netstandard2.0) (&& (< net35) (>= net461) (>= netstandard1.6))
    System.Collections (4.3) - restriction: || (== netcoreapp2.0) (== netstandard2.0) (&& (< net35) (>= net461))
      Microsoft.NETCore.Platforms (>= 1.1) - restriction: || (== netcoreapp2.0) (== netstandard2.0) (&& (< net45) (>= net461)) (&& (>= net461) (< portable-net45+win8+wp8+wpa81))
      Microsoft.NETCore.Targets (>= 1.1) - restriction: || (== netcoreapp2.0) (== netstandard2.0) (&& (< net45) (>= net461)) (&& (>= net461) (< portable-net45+win8+wp8+wpa81))
      System.Runtime (>= 4.3) - restriction: || (== netcoreapp2.0) (== netstandard2.0) (&& (< net45) (>= net461)) (&& (>= net461) (< portable-net45+win8+wp8+wpa81))
    System.Collections.Concurrent (4.3) - restriction: || (== netcoreapp2.0) (== netstandard2.0) (&& (< net35) (>= net461) (< netstandard1.3)) (&& (< net35) (>= net461) (>= netstandard1.6)) (&& (< net35) (>= net463))
      System.Collections (>= 4.3) - restriction: || (== netcoreapp2.0) (== netstandard2.0) (&& (< net45) (>= net461)) (&& (>= net461) (< portable-net45+win8+wpa81))
      System.Diagnostics.Debug (>= 4.3) - restriction: || (== netcoreapp2.0) (== netstandard2.0) (&& (< net45) (>= net461)) (&& (>= net461) (< portable-net45+win8+wpa81))
      System.Diagnostics.Tracing (>= 4.3) - restriction: || (== netcoreapp2.0) (== netstandard2.0) (&& (< net45) (>= net461)) (&& (>= net461) (< portable-net45+win8+wpa81))
      System.Globalization (>= 4.3) - restriction: || (== netcoreapp2.0) (== netstandard2.0) (&& (< net45) (>= net461)) (&& (>= net461) (< portable-net45+win8+wpa81))
      System.Reflection (>= 4.3) - restriction: || (== netcoreapp2.0) (== netstandard2.0) (&& (< net45) (>= net461))
      System.Resources.ResourceManager (>= 4.3) - restriction: || (== netcoreapp2.0) (== netstandard2.0) (&& (< net45) (>= net461)) (&& (>= net461) (< portable-net45+win8+wpa81))
      System.Runtime (>= 4.3) - restriction: || (== netcoreapp2.0) (== netstandard2.0) (&& (< net45) (>= net461)) (&& (>= net461) (< portable-net45+win8+wpa81))
      System.Runtime.Extensions (>= 4.3) - restriction: || (== netcoreapp2.0) (== netstandard2.0) (&& (< net45) (>= net461)) (&& (>= net461) (< portable-net45+win8+wpa81))
      System.Threading (>= 4.3) - restriction: || (== netcoreapp2.0) (== netstandard2.0) (&& (< net45) (>= net461)) (&& (>= net461) (< portable-net45+win8+wpa81))
      System.Threading.Tasks (>= 4.3) - restriction: || (== netcoreapp2.0) (== netstandard2.0) (&& (< net45) (>= net461)) (&& (>= net461) (< portable-net45+win8+wpa81))
    System.Collections.Immutable (1.4) - restriction: || (&& (== netcoreapp2.0) (>= monotouch)) (&& (== netcoreapp2.0) (< netstandard1.1)) (&& (== netcoreapp2.0) (< netstandard2.0)) (&& (== netcoreapp2.0) (< portable-net45+win8)) (&& (== netcoreapp2.0) (>= xamarinios)) (&& (== netcoreapp2.0) (>= xamarinmac)) (&& (== netcoreapp2.0) (>= xamarintvos)) (&& (== netcoreapp2.0) (>= xamarinwatchos)) (== netstandard2.0)
    System.Configuration.ConfigurationManager (4.4.1) - restriction: || (== netcoreapp2.0) (== netstandard2.0) (&& (< net45) (>= net461) (>= netstandard2.0))
      System.Security.Cryptography.ProtectedData (>= 4.4) - restriction: || (== netcoreapp2.0) (== netstandard2.0) (&& (>= net461) (>= netcoreapp2.0))
    System.Diagnostics.Debug (4.3) - restriction: || (== netcoreapp2.0) (== netstandard2.0) (&& (< net35) (>= net461) (< netstandard1.3)) (&& (< net35) (>= net461) (< netstandard1.4)) (&& (< net35) (>= net461) (>= netstandard1.6)) (&& (< net35) (>= net461) (< netstandard1.6)) (&& (< net35) (>= net461) (< portable-net45+win8+wp8+wpa81)) (&& (< net35) (>= net461) (< portable-net45+win8+wpa81)) (&& (< net35) (>= net463))
      Microsoft.NETCore.Platforms (>= 1.1) - restriction: || (== netcoreapp2.0) (== netstandard2.0) (&& (< net45) (>= net461)) (&& (>= net461) (< portable-net45+win8+wp8+wpa81))
      Microsoft.NETCore.Targets (>= 1.1) - restriction: || (== netcoreapp2.0) (== netstandard2.0) (&& (< net45) (>= net461)) (&& (>= net461) (< portable-net45+win8+wp8+wpa81))
      System.Runtime (>= 4.3) - restriction: || (== netcoreapp2.0) (== netstandard2.0) (&& (< net45) (>= net461)) (&& (>= net461) (< portable-net45+win8+wp8+wpa81))
    System.Diagnostics.FileVersionInfo (4.3) - restriction: || (== netcoreapp2.0) (== netstandard2.0)
      Microsoft.NETCore.Platforms (>= 1.1) - restriction: || (== netcoreapp2.0) (== netstandard2.0) (&& (< net46) (>= net461)) (&& (>= net461) (< netstandard1.3))
      System.Globalization (>= 4.3) - restriction: || (== netcoreapp2.0) (== netstandard2.0) (&& (< net46) (>= net461))
      System.IO (>= 4.3) - restriction: || (== netcoreapp2.0) (== netstandard2.0) (&& (< net46) (>= net461)) (&& (>= net461) (< netstandard1.3))
      System.IO.FileSystem (>= 4.3) - restriction: || (== netcoreapp2.0) (== netstandard2.0) (&& (< net46) (>= net461)) (&& (>= net461) (< netstandard1.3))
      System.IO.FileSystem.Primitives (>= 4.3) - restriction: || (== netcoreapp2.0) (== netstandard2.0) (&& (< net46) (>= net461)) (&& (>= net461) (< netstandard1.3))
      System.Reflection.Metadata (>= 1.4.1) - restriction: || (== netcoreapp2.0) (== netstandard2.0) (&& (< net46) (>= net461)) (&& (>= net461) (< netstandard1.3))
      System.Runtime (>= 4.3) - restriction: || (== netcoreapp2.0) (== netstandard2.0) (&& (< net46) (>= net461)) (&& (>= net461) (< netstandard1.3))
      System.Runtime.Extensions (>= 4.3) - restriction: || (== netcoreapp2.0) (== netstandard2.0) (&& (< net46) (>= net461)) (&& (>= net461) (< netstandard1.3))
      System.Runtime.InteropServices (>= 4.3) - restriction: || (== netcoreapp2.0) (== netstandard2.0) (&& (< net46) (>= net461))
    System.Diagnostics.Tracing (4.3) - restriction: || (== netcoreapp2.0) (== netstandard2.0) (&& (< net35) (>= net461) (< netstandard1.3)) (&& (< net35) (>= net461) (>= netstandard1.6)) (&& (< net35) (>= net461) (< portable-net45+win8+wpa81)) (&& (< net35) (>= net463))
      Microsoft.NETCore.Platforms (>= 1.1) - restriction: || (== netcoreapp2.0) (== netstandard2.0) (&& (< net45) (>= net461) (< netstandard1.2)) (&& (< net45) (>= net461) (< netstandard1.3)) (&& (< net45) (>= net461) (>= netstandard1.5)) (&& (< net45) (>= net461) (< netstandard1.5)) (&& (>= net461) (< portable-net45+win8+wpa81))
      Microsoft.NETCore.Targets (>= 1.1) - restriction: || (== netcoreapp2.0) (== netstandard2.0) (&& (< net45) (>= net461) (< netstandard1.2)) (&& (< net45) (>= net461) (< netstandard1.3)) (&& (< net45) (>= net461) (>= netstandard1.5)) (&& (< net45) (>= net461) (< netstandard1.5)) (&& (>= net461) (< portable-net45+win8+wpa81))
      System.Runtime (>= 4.3) - restriction: || (== netcoreapp2.0) (== netstandard2.0) (&& (< net45) (>= net461) (< netstandard1.2)) (&& (< net45) (>= net461) (< netstandard1.3)) (&& (< net45) (>= net461) (>= netstandard1.5)) (&& (< net45) (>= net461) (< netstandard1.5)) (&& (>= net461) (< portable-net45+win8+wpa81))
    System.Globalization (4.3) - restriction: || (== netcoreapp2.0) (== netstandard2.0)
      Microsoft.NETCore.Platforms (>= 1.1) - restriction: || (== netcoreapp2.0) (== netstandard2.0) (&& (< net45) (>= net461)) (&& (>= net461) (< portable-net45+win8+wp8+wpa81))
      Microsoft.NETCore.Targets (>= 1.1) - restriction: || (== netcoreapp2.0) (== netstandard2.0) (&& (< net45) (>= net461)) (&& (>= net461) (< portable-net45+win8+wp8+wpa81))
      System.Runtime (>= 4.3) - restriction: || (== netcoreapp2.0) (== netstandard2.0) (&& (< net45) (>= net461)) (&& (>= net461) (< portable-net45+win8+wp8+wpa81))
    System.IO (4.3) - restriction: || (== netcoreapp2.0) (== netstandard2.0)
      Microsoft.NETCore.Platforms (>= 1.1) - restriction: || (== netcoreapp2.0) (== netstandard2.0) (&& (< net45) (>= net461) (< netstandard1.3)) (&& (< net45) (>= net461) (>= netstandard1.5)) (&& (< net45) (>= net461) (< netstandard1.5)) (&& (>= net461) (< portable-net45+win8+wp8+wpa81))
      Microsoft.NETCore.Targets (>= 1.1) - restriction: || (== netcoreapp2.0) (== netstandard2.0) (&& (< net45) (>= net461) (< netstandard1.3)) (&& (< net45) (>= net461) (>= netstandard1.5)) (&& (< net45) (>= net461) (< netstandard1.5)) (&& (>= net461) (< portable-net45+win8+wp8+wpa81))
      System.Runtime (>= 4.3) - restriction: || (== netcoreapp2.0) (== netstandard2.0) (&& (< net45) (>= net461) (< netstandard1.3)) (&& (< net45) (>= net461) (>= netstandard1.5)) (&& (< net45) (>= net461) (< netstandard1.5)) (&& (>= net461) (< portable-net45+win8+wp8+wpa81))
      System.Text.Encoding (>= 4.3) - restriction: || (== netcoreapp2.0) (== netstandard2.0) (&& (< net45) (>= net461) (< netstandard1.3)) (&& (< net45) (>= net461) (>= netstandard1.5)) (&& (< net45) (>= net461) (< netstandard1.5)) (&& (>= net461) (< portable-net45+win8+wp8+wpa81))
      System.Threading.Tasks (>= 4.3) - restriction: || (== netcoreapp2.0) (== netstandard2.0) (&& (< net45) (>= net461) (< netstandard1.3)) (&& (< net45) (>= net461) (>= netstandard1.5)) (&& (< net45) (>= net461) (< netstandard1.5)) (&& (>= net461) (< portable-net45+win8+wp8+wpa81))
    System.IO.FileSystem (4.3) - restriction: || (== netcoreapp2.0) (== netstandard2.0) (&& (< net35) (>= net461))
      Microsoft.NETCore.Platforms (>= 1.1) - restriction: || (== netcoreapp2.0) (== netstandard2.0) (&& (< net46) (>= net461))
      Microsoft.NETCore.Targets (>= 1.1) - restriction: || (== netcoreapp2.0) (== netstandard2.0) (&& (< net46) (>= net461))
      System.IO (>= 4.3) - restriction: || (== netcoreapp2.0) (== netstandard2.0) (&& (< net46) (>= net461))
      System.IO.FileSystem.Primitives (>= 4.3)
      System.Runtime (>= 4.3) - restriction: || (== netcoreapp2.0) (== netstandard2.0) (&& (< net46) (>= net461))
      System.Runtime.Handles (>= 4.3) - restriction: || (== netcoreapp2.0) (== netstandard2.0) (&& (< net46) (>= net461))
      System.Text.Encoding (>= 4.3) - restriction: || (== netcoreapp2.0) (== netstandard2.0) (&& (< net46) (>= net461))
      System.Threading.Tasks (>= 4.3) - restriction: || (== netcoreapp2.0) (== netstandard2.0) (&& (< net46) (>= net461))
    System.IO.FileSystem.Primitives (4.3) - restriction: || (== netcoreapp2.0) (== netstandard2.0) (&& (< net35) (>= net461))
      System.Runtime (>= 4.3) - restriction: || (== netcoreapp2.0) (== netstandard2.0) (&& (< net46) (>= net461))
    System.Linq (4.3) - restriction: || (== netcoreapp2.0) (== netstandard2.0) (&& (< net35) (>= net461) (< netstandard1.3)) (&& (< net35) (>= net461) (>= netstandard1.6)) (&& (< net35) (>= net463))
      System.Collections (>= 4.3) - restriction: || (== netcoreapp2.0) (== netstandard2.0) (&& (< net45) (>= net461) (>= netstandard1.6)) (&& (< net45) (>= net461) (< netstandard1.6)) (&& (>= net461) (< portable-net45+win8+wp8+wpa81))
      System.Diagnostics.Debug (>= 4.3) - restriction: || (== netcoreapp2.0) (== netstandard2.0) (&& (< net45) (>= net461) (>= netstandard1.6)) (&& (>= net461) (< portable-net45+win8+wp8+wpa81))
      System.Resources.ResourceManager (>= 4.3) - restriction: || (== netcoreapp2.0) (== netstandard2.0) (&& (< net45) (>= net461) (>= netstandard1.6)) (&& (>= net461) (< portable-net45+win8+wp8+wpa81))
      System.Runtime (>= 4.3) - restriction: || (== netcoreapp2.0) (== netstandard2.0) (&& (< net45) (>= net461) (>= netstandard1.6)) (&& (< net45) (>= net461) (< netstandard1.6)) (&& (>= net461) (< portable-net45+win8+wp8+wpa81))
      System.Runtime.Extensions (>= 4.3) - restriction: || (== netcoreapp2.0) (== netstandard2.0) (&& (< net45) (>= net461) (>= netstandard1.6)) (&& (>= net461) (< portable-net45+win8+wp8+wpa81))
    System.Reflection (4.3) - restriction: || (== netcoreapp2.0) (== netstandard2.0) (&& (< net35) (>= net461))
      Microsoft.NETCore.Platforms (>= 1.1) - restriction: || (== netcoreapp2.0) (== netstandard2.0) (&& (< net45) (>= net461) (< netstandard1.3)) (&& (< net45) (>= net461) (>= netstandard1.5)) (&& (< net45) (>= net461) (< netstandard1.5)) (&& (>= net461) (< portable-net45+win8+wp8+wpa81))
      Microsoft.NETCore.Targets (>= 1.1) - restriction: || (== netcoreapp2.0) (== netstandard2.0) (&& (< net45) (>= net461) (< netstandard1.3)) (&& (< net45) (>= net461) (>= netstandard1.5)) (&& (< net45) (>= net461) (< netstandard1.5)) (&& (>= net461) (< portable-net45+win8+wp8+wpa81))
      System.IO (>= 4.3) - restriction: || (== netcoreapp2.0) (== netstandard2.0) (&& (< net45) (>= net461) (< netstandard1.3)) (&& (< net45) (>= net461) (>= netstandard1.5)) (&& (< net45) (>= net461) (< netstandard1.5)) (&& (>= net461) (< portable-net45+win8+wp8+wpa81))
      System.Reflection.Primitives (>= 4.3) - restriction: || (== netcoreapp2.0) (== netstandard2.0) (&& (< net45) (>= net461) (< netstandard1.3)) (&& (< net45) (>= net461) (>= netstandard1.5)) (&& (< net45) (>= net461) (< netstandard1.5)) (&& (>= net461) (< portable-net45+win8+wp8+wpa81))
      System.Runtime (>= 4.3) - restriction: || (== netcoreapp2.0) (== netstandard2.0) (&& (< net45) (>= net461) (< netstandard1.3)) (&& (< net45) (>= net461) (>= netstandard1.5)) (&& (< net45) (>= net461) (< netstandard1.5)) (&& (>= net461) (< portable-net45+win8+wp8+wpa81))
    System.Reflection.Metadata (1.5) - restriction: || (== netcoreapp2.0) (== netstandard2.0)
      System.Collections.Immutable (>= 1.4) - restriction: || (&& (== netcoreapp2.0) (>= monotouch)) (&& (== netcoreapp2.0) (< netstandard1.1)) (&& (== netcoreapp2.0) (< netstandard2.0)) (&& (== netcoreapp2.0) (< portable-net45+win8)) (&& (== netcoreapp2.0) (>= xamarinios)) (&& (== netcoreapp2.0) (>= xamarinmac)) (&& (== netcoreapp2.0) (>= xamarintvos)) (&& (== netcoreapp2.0) (>= xamarinwatchos)) (== netstandard2.0) (&& (>= monotouch) (>= net461)) (&& (>= net461) (< netstandard1.1)) (&& (>= net461) (>= netstandard2.0)) (&& (>= net461) (< netstandard2.0)) (&& (>= net461) (< portable-net45+win8)) (&& (>= net461) (>= xamarinios)) (&& (>= net461) (>= xamarinmac)) (&& (>= net461) (>= xamarintvos)) (&& (>= net461) (>= xamarinwatchos))
    System.Reflection.Primitives (4.3) - restriction: || (== netcoreapp2.0) (== netstandard2.0) (&& (< net35) (>= net461) (< netstandard1.3)) (&& (< net35) (>= net461) (>= netstandard1.5)) (&& (< net35) (>= net461) (< netstandard1.5)) (&& (< net35) (>= net461) (< portable-net45+win8+wp8+wpa81))
      Microsoft.NETCore.Platforms (>= 1.1) - restriction: || (== netcoreapp2.0) (== netstandard2.0) (&& (< net45) (>= net461)) (&& (>= net461) (< portable-net45+win8+wp8+wpa81))
      Microsoft.NETCore.Targets (>= 1.1) - restriction: || (== netcoreapp2.0) (== netstandard2.0) (&& (< net45) (>= net461)) (&& (>= net461) (< portable-net45+win8+wp8+wpa81))
      System.Runtime (>= 4.3) - restriction: || (== netcoreapp2.0) (== netstandard2.0) (&& (< net45) (>= net461)) (&& (>= net461) (< portable-net45+win8+wp8+wpa81))
    System.Resources.ResourceManager (4.3) - restriction: || (== netcoreapp2.0) (== netstandard2.0) (&& (< net35) (>= net461))
      Microsoft.NETCore.Platforms (>= 1.1) - restriction: || (== netcoreapp2.0) (== netstandard2.0) (&& (< net45) (>= net461)) (&& (>= net461) (< portable-net45+win8+wp8+wpa81))
      Microsoft.NETCore.Targets (>= 1.1) - restriction: || (== netcoreapp2.0) (== netstandard2.0) (&& (< net45) (>= net461)) (&& (>= net461) (< portable-net45+win8+wp8+wpa81))
      System.Globalization (>= 4.3) - restriction: || (== netcoreapp2.0) (== netstandard2.0) (&& (< net45) (>= net461)) (&& (>= net461) (< portable-net45+win8+wp8+wpa81))
      System.Reflection (>= 4.3) - restriction: || (== netcoreapp2.0) (== netstandard2.0) (&& (< net45) (>= net461)) (&& (>= net461) (< portable-net45+win8+wp8+wpa81))
      System.Runtime (>= 4.3) - restriction: || (== netcoreapp2.0) (== netstandard2.0) (&& (< net45) (>= net461)) (&& (>= net461) (< portable-net45+win8+wp8+wpa81))
    System.Runtime (4.3) - restriction: || (== netcoreapp2.0) (== netstandard2.0)
      Microsoft.NETCore.Platforms (>= 1.1) - restriction: || (== netcoreapp2.0) (== netstandard2.0) (&& (< net45) (>= net461) (< netstandard1.2)) (&& (< net45) (>= net461) (< netstandard1.3)) (&& (< net45) (>= net461) (>= netstandard1.5)) (&& (< net45) (>= net461) (< netstandard1.5)) (&& (>= net461) (< portable-net45+win8+wp8+wpa81))
      Microsoft.NETCore.Targets (>= 1.1) - restriction: || (== netcoreapp2.0) (== netstandard2.0) (&& (< net45) (>= net461) (< netstandard1.2)) (&& (< net45) (>= net461) (< netstandard1.3)) (&& (< net45) (>= net461) (>= netstandard1.5)) (&& (< net45) (>= net461) (< netstandard1.5)) (&& (>= net461) (< portable-net45+win8+wp8+wpa81))
    System.Runtime.Extensions (4.3) - restriction: || (== netcoreapp2.0) (== netstandard2.0) (&& (< net35) (>= net461))
      Microsoft.NETCore.Platforms (>= 1.1) - restriction: || (== netcoreapp2.0) (== netstandard2.0) (&& (< net45) (>= net461) (< netstandard1.3)) (&& (< net45) (>= net461) (>= netstandard1.5)) (&& (< net45) (>= net461) (< netstandard1.5)) (&& (>= net461) (< portable-net45+win8+wp8+wpa81))
      Microsoft.NETCore.Targets (>= 1.1) - restriction: || (== netcoreapp2.0) (== netstandard2.0) (&& (< net45) (>= net461) (< netstandard1.3)) (&& (< net45) (>= net461) (>= netstandard1.5)) (&& (< net45) (>= net461) (< netstandard1.5)) (&& (>= net461) (< portable-net45+win8+wp8+wpa81))
      System.Runtime (>= 4.3) - restriction: || (== netcoreapp2.0) (== netstandard2.0) (&& (< net45) (>= net461) (< netstandard1.3)) (&& (< net45) (>= net461) (>= netstandard1.5)) (&& (< net45) (>= net461) (< netstandard1.5)) (&& (>= net461) (< portable-net45+win8+wp8+wpa81))
    System.Runtime.Handles (4.3) - restriction: || (== netcoreapp2.0) (== netstandard2.0) (&& (< net35) (>= net461))
      Microsoft.NETCore.Platforms (>= 1.1) - restriction: || (== netcoreapp2.0) (== netstandard2.0) (&& (< net46) (>= net461))
      Microsoft.NETCore.Targets (>= 1.1) - restriction: || (== netcoreapp2.0) (== netstandard2.0) (&& (< net46) (>= net461))
      System.Runtime (>= 4.3) - restriction: || (== netcoreapp2.0) (== netstandard2.0) (&& (< net46) (>= net461))
    System.Runtime.InteropServices (4.3) - restriction: || (== netcoreapp2.0) (== netstandard2.0)
      Microsoft.NETCore.Platforms (>= 1.1) - restriction: || (== netcoreapp2.0) (== netstandard2.0) (&& (< net45) (>= net461) (< netstandard1.2)) (&& (< net45) (>= net461) (< netstandard1.3)) (&& (< net45) (>= net461) (>= netstandard1.5)) (&& (< net45) (>= net461) (< netstandard1.5)) (&& (>= net461) (>= netcoreapp1.1)) (&& (>= net461) (< portable-net45+win8+wpa81))
      Microsoft.NETCore.Targets (>= 1.1) - restriction: || (== netcoreapp2.0) (== netstandard2.0) (&& (< net45) (>= net461) (< netstandard1.2)) (&& (< net45) (>= net461) (< netstandard1.3)) (&& (< net45) (>= net461) (>= netstandard1.5)) (&& (< net45) (>= net461) (< netstandard1.5)) (&& (>= net461) (>= netcoreapp1.1)) (&& (>= net461) (< portable-net45+win8+wpa81))
      System.Reflection (>= 4.3) - restriction: || (== netcoreapp2.0) (== netstandard2.0) (&& (< net45) (>= net461) (< netstandard1.2)) (&& (< net45) (>= net461) (< netstandard1.3)) (&& (< net45) (>= net461) (>= netstandard1.5)) (&& (< net45) (>= net461) (< netstandard1.5)) (&& (>= net461) (>= netcoreapp1.1)) (&& (>= net461) (< portable-net45+win8+wpa81))
      System.Reflection.Primitives (>= 4.3) - restriction: || (== netcoreapp2.0) (== netstandard2.0) (&& (< net45) (>= net461) (< netstandard1.2)) (&& (< net45) (>= net461) (< netstandard1.3)) (&& (< net45) (>= net461) (>= netstandard1.5)) (&& (< net45) (>= net461) (< netstandard1.5)) (&& (>= net461) (>= netcoreapp1.1)) (&& (>= net461) (< portable-net45+win8+wpa81))
      System.Runtime (>= 4.3) - restriction: || (== netcoreapp2.0) (== netstandard2.0) (&& (< net45) (>= net461) (< netstandard1.2)) (&& (< net45) (>= net461) (< netstandard1.3)) (&& (< net45) (>= net461) (>= netstandard1.5)) (&& (< net45) (>= net461) (< netstandard1.5)) (&& (>= net461) (>= netcoreapp1.1)) (&& (>= net461) (< portable-net45+win8+wpa81)) (>= net462)
      System.Runtime.Handles (>= 4.3) - restriction: || (== netcoreapp2.0) (== netstandard2.0) (&& (< net45) (>= net461) (>= netstandard1.5)) (&& (< net45) (>= net461) (< netstandard1.5)) (&& (>= net461) (>= netcoreapp1.1)) (&& (>= net461) (< portable-net45+win8+wpa81))
    System.Runtime.Numerics (4.3) - restriction: || (== netcoreapp2.0) (== netstandard2.0) (&& (< net35) (>= net461) (>= netstandard1.6))
      System.Globalization (>= 4.3) - restriction: || (== netcoreapp2.0) (== netstandard2.0) (&& (< net45) (>= net461)) (&& (>= net461) (< portable-net45+win8+wpa81))
      System.Resources.ResourceManager (>= 4.3) - restriction: || (== netcoreapp2.0) (== netstandard2.0) (&& (< net45) (>= net461)) (&& (>= net461) (< portable-net45+win8+wpa81))
      System.Runtime (>= 4.3) - restriction: || (== netcoreapp2.0) (== netstandard2.0) (&& (< net45) (>= net461)) (&& (>= net461) (< portable-net45+win8+wpa81))
      System.Runtime.Extensions (>= 4.3) - restriction: || (== netcoreapp2.0) (== netstandard2.0) (&& (< net45) (>= net461)) (&& (>= net461) (< portable-net45+win8+wpa81))
    System.Security.Cryptography.Algorithms (4.3.1) - restriction: || (== netcoreapp2.0) (== netstandard2.0) (&& (< net35) (>= net461))
      Microsoft.NETCore.Platforms (>= 1.1) - restriction: || (== netcoreapp2.0) (== netstandard2.0) (&& (< net46) (>= net461) (>= netstandard1.6)) (&& (>= net461) (< netstandard1.3))
      runtime.native.System.Security.Cryptography.Apple (>= 4.3.1) - restriction: || (== netcoreapp2.0) (== netstandard2.0) (&& (< net46) (>= net461) (>= netstandard1.6))
      runtime.native.System.Security.Cryptography.OpenSsl (>= 4.3.2) - restriction: || (== netcoreapp2.0) (== netstandard2.0) (&& (< net46) (>= net461) (>= netstandard1.6))
      System.Collections (>= 4.3) - restriction: || (== netcoreapp2.0) (== netstandard2.0) (&& (< net46) (>= net461) (>= netstandard1.6))
      System.IO (>= 4.3) - restriction: || (== netcoreapp2.0) (== netstandard2.0) (&& (< net46) (>= net461) (< netstandard1.4)) (&& (< net46) (>= net461) (>= netstandard1.6)) (&& (< net46) (>= net461) (< netstandard1.6)) (&& (>= net461) (< netstandard1.3)) (>= net463)
      System.Resources.ResourceManager (>= 4.3) - restriction: || (== netcoreapp2.0) (== netstandard2.0) (&& (< net46) (>= net461) (>= netstandard1.6)) (&& (>= net461) (< netstandard1.3))
      System.Runtime (>= 4.3) - restriction: || (== netcoreapp2.0) (== netstandard2.0) (&& (< net46) (>= net461) (< netstandard1.4)) (&& (< net46) (>= net461) (>= netstandard1.6)) (&& (< net46) (>= net461) (< netstandard1.6)) (&& (>= net461) (< netstandard1.3)) (>= net463)
      System.Runtime.Extensions (>= 4.3) - restriction: || (== netcoreapp2.0) (== netstandard2.0) (&& (< net46) (>= net461) (>= netstandard1.6)) (&& (>= net461) (< netstandard1.3))
      System.Runtime.Handles (>= 4.3) - restriction: || (== netcoreapp2.0) (== netstandard2.0) (&& (< net46) (>= net461) (>= netstandard1.6)) (&& (>= net461) (< netstandard1.3))
      System.Runtime.InteropServices (>= 4.3) - restriction: || (== netcoreapp2.0) (== netstandard2.0) (&& (< net46) (>= net461) (>= netstandard1.6)) (&& (>= net461) (< netstandard1.3))
      System.Runtime.Numerics (>= 4.3) - restriction: || (== netcoreapp2.0) (== netstandard2.0) (&& (< net46) (>= net461) (>= netstandard1.6))
      System.Security.Cryptography.Encoding (>= 4.3) - restriction: || (== netcoreapp2.0) (== netstandard2.0) (&& (< net46) (>= net461) (>= netstandard1.6)) (&& (>= net461) (< netstandard1.3)) (>= net463)
      System.Security.Cryptography.Primitives (>= 4.3)
      System.Text.Encoding (>= 4.3) - restriction: || (== netcoreapp2.0) (== netstandard2.0) (&& (< net46) (>= net461) (>= netstandard1.6)) (&& (>= net461) (< netstandard1.3))
    System.Security.Cryptography.Csp (4.3) - restriction: || (== netcoreapp2.0) (== netstandard2.0) (&& (< net35) (>= net461))
      Microsoft.NETCore.Platforms (>= 1.1) - restriction: || (== netcoreapp2.0) (== netstandard2.0) (&& (< net46) (>= net461))
      System.IO (>= 4.3) - restriction: || (== netcoreapp2.0) (== netstandard2.0) (&& (< net46) (>= net461))
      System.Reflection (>= 4.3) - restriction: || (== netcoreapp2.0) (== netstandard2.0) (&& (< net46) (>= net461))
      System.Resources.ResourceManager (>= 4.3) - restriction: || (== netcoreapp2.0) (== netstandard2.0) (&& (< net46) (>= net461))
      System.Runtime (>= 4.3) - restriction: || (== netcoreapp2.0) (== netstandard2.0) (&& (< net46) (>= net461))
      System.Runtime.Extensions (>= 4.3) - restriction: || (== netcoreapp2.0) (== netstandard2.0) (&& (< net46) (>= net461))
      System.Runtime.Handles (>= 4.3) - restriction: || (== netcoreapp2.0) (== netstandard2.0) (&& (< net46) (>= net461))
      System.Runtime.InteropServices (>= 4.3) - restriction: || (== netcoreapp2.0) (== netstandard2.0) (&& (< net46) (>= net461))
      System.Security.Cryptography.Algorithms (>= 4.3)
      System.Security.Cryptography.Encoding (>= 4.3) - restriction: || (== netcoreapp2.0) (== netstandard2.0) (&& (< net46) (>= net461))
      System.Security.Cryptography.Primitives (>= 4.3)
      System.Text.Encoding (>= 4.3) - restriction: || (== netcoreapp2.0) (== netstandard2.0) (&& (< net46) (>= net461))
      System.Threading (>= 4.3) - restriction: || (== netcoreapp2.0) (== netstandard2.0) (&& (< net46) (>= net461))
    System.Security.Cryptography.Encoding (4.3) - restriction: || (== netcoreapp2.0) (== netstandard2.0) (&& (< net35) (>= net461)) (&& (< net35) (>= net463))
      Microsoft.NETCore.Platforms (>= 1.1) - restriction: || (== netcoreapp2.0) (== netstandard2.0) (&& (< net46) (>= net461))
      runtime.native.System.Security.Cryptography.OpenSsl (>= 4.3) - restriction: || (== netcoreapp2.0) (== netstandard2.0) (&& (< net46) (>= net461))
      System.Collections (>= 4.3) - restriction: || (== netcoreapp2.0) (== netstandard2.0) (&& (< net46) (>= net461))
      System.Collections.Concurrent (>= 4.3) - restriction: || (== netcoreapp2.0) (== netstandard2.0) (&& (< net46) (>= net461))
      System.Linq (>= 4.3) - restriction: || (== netcoreapp2.0) (== netstandard2.0) (&& (< net46) (>= net461))
      System.Resources.ResourceManager (>= 4.3) - restriction: || (== netcoreapp2.0) (== netstandard2.0) (&& (< net46) (>= net461))
      System.Runtime (>= 4.3) - restriction: || (== netcoreapp2.0) (== netstandard2.0) (&& (< net46) (>= net461))
      System.Runtime.Extensions (>= 4.3) - restriction: || (== netcoreapp2.0) (== netstandard2.0) (&& (< net46) (>= net461))
      System.Runtime.Handles (>= 4.3) - restriction: || (== netcoreapp2.0) (== netstandard2.0) (&& (< net46) (>= net461))
      System.Runtime.InteropServices (>= 4.3) - restriction: || (== netcoreapp2.0) (== netstandard2.0) (&& (< net46) (>= net461))
      System.Security.Cryptography.Primitives (>= 4.3) - restriction: || (== netcoreapp2.0) (== netstandard2.0) (&& (< net46) (>= net461))
      System.Text.Encoding (>= 4.3) - restriction: || (== netcoreapp2.0) (== netstandard2.0) (&& (< net46) (>= net461))
    System.Security.Cryptography.Primitives (4.3) - restriction: || (== netcoreapp2.0) (== netstandard2.0) (&& (< net35) (>= net461)) (&& (< net35) (>= net463))
      System.Diagnostics.Debug (>= 4.3) - restriction: || (== netcoreapp2.0) (== netstandard2.0) (&& (< net46) (>= net461))
      System.Globalization (>= 4.3) - restriction: || (== netcoreapp2.0) (== netstandard2.0) (&& (< net46) (>= net461))
      System.IO (>= 4.3) - restriction: || (== netcoreapp2.0) (== netstandard2.0) (&& (< net46) (>= net461))
      System.Resources.ResourceManager (>= 4.3) - restriction: || (== netcoreapp2.0) (== netstandard2.0) (&& (< net46) (>= net461))
      System.Runtime (>= 4.3) - restriction: || (== netcoreapp2.0) (== netstandard2.0) (&& (< net46) (>= net461))
      System.Threading (>= 4.3) - restriction: || (== netcoreapp2.0) (== netstandard2.0) (&& (< net46) (>= net461))
      System.Threading.Tasks (>= 4.3) - restriction: || (== netcoreapp2.0) (== netstandard2.0) (&& (< net46) (>= net461))
    System.Security.Cryptography.ProtectedData (4.4) - restriction: || (== netcoreapp2.0) (== netstandard2.0) (&& (< net45) (>= net461) (>= netstandard2.0)) (&& (>= net461) (>= netcoreapp2.0))
    System.Text.Encoding (4.3) - restriction: || (== netcoreapp2.0) (== netstandard2.0) (&& (< net35) (>= net461))
      Microsoft.NETCore.Platforms (>= 1.1) - restriction: || (== netcoreapp2.0) (== netstandard2.0) (&& (< net45) (>= net461)) (&& (>= net461) (< portable-net45+win8+wp8+wpa81))
      Microsoft.NETCore.Targets (>= 1.1) - restriction: || (== netcoreapp2.0) (== netstandard2.0) (&& (< net45) (>= net461)) (&& (>= net461) (< portable-net45+win8+wp8+wpa81))
      System.Runtime (>= 4.3) - restriction: || (== netcoreapp2.0) (== netstandard2.0) (&& (< net45) (>= net461)) (&& (>= net461) (< portable-net45+win8+wp8+wpa81))
    System.Threading (4.3) - restriction: || (== netcoreapp2.0) (== netstandard2.0) (&& (< net35) (>= net461)) (&& (< net35) (>= net463))
      System.Runtime (>= 4.3) - restriction: || (== netcoreapp2.0) (== netstandard2.0) (&& (< net45) (>= net461)) (&& (>= net461) (< portable-net45+win8+wp8+wpa81))
      System.Threading.Tasks (>= 4.3) - restriction: || (== netcoreapp2.0) (== netstandard2.0) (&& (< net45) (>= net461)) (&& (>= net461) (< portable-net45+win8+wp8+wpa81))
    System.Threading.Tasks (4.3) - restriction: || (== netcoreapp2.0) (== netstandard2.0) (&& (< net35) (>= net461))
      Microsoft.NETCore.Platforms (>= 1.1) - restriction: || (== netcoreapp2.0) (== netstandard2.0) (&& (< net45) (>= net461)) (&& (>= net461) (< portable-net45+win8+wp8+wpa81))
      Microsoft.NETCore.Targets (>= 1.1) - restriction: || (== netcoreapp2.0) (== netstandard2.0) (&& (< net45) (>= net461)) (&& (>= net461) (< portable-net45+win8+wp8+wpa81))
      System.Runtime (>= 4.3) - restriction: || (== netcoreapp2.0) (== netstandard2.0) (&& (< net45) (>= net461)) (&& (>= net461) (< portable-net45+win8+wp8+wpa81))
