RESTRICTION: || (== netcoreapp3.1) (== netstandard2.0) (>= net461)
NUGET
  remote: https://www.nuget.org/api/v2
    AltCover (3.5.530)
    Expecto (9.0.4)
      FSharp.Core (>= 4.6)
      Mono.Cecil (>= 0.11.3)
    FAKE (4.64.18)
    FSharp.Core (4.6.2)
    Mono.Cecil (0.11.4)
    ReportGenerator (3.1.2)
    System.Security.Principal.Windows (5.0) - restriction: || (== netcoreapp3.1) (== netstandard2.0) (&& (>= net461) (>= netcoreapp2.0))
