RESTRICTION: || (== netcoreapp2.0) (== netstandard2.0) (>= net461)
NUGET
  remote: https://www.nuget.org/api/v2
    AltCover (3.5.530) - restriction: || (== netcoreapp2.0) (&& (== netstandard2.0) (>= netcoreapp2.0)) (&& (>= net461) (>= netcoreapp2.0))
    Expecto (9.0.4)
      FSharp.Core (>= 4.6)
      Mono.Cecil (>= 0.11.3)
    FAKE (4.64.11)
    FSharp.Core (4.6.2)
    Microsoft.NETCore.Platforms (2.0.1) - restriction: || (== netcoreapp2.0) (&& (== netstandard2.0) (>= netcoreapp2.0)) (&& (>= net461) (>= netcoreapp2.0))
    Mono.Cecil (0.11.4)
    ReportGenerator (3.1.2)
    System.Security.Principal.Windows (4.5) - restriction: || (== netcoreapp2.0) (== netstandard2.0) (&& (>= net461) (>= netcoreapp2.0))
      Microsoft.NETCore.Platforms (>= 2.0) - restriction: || (== netcoreapp2.0) (&& (== netstandard2.0) (>= netcoreapp2.0)) (&& (>= net461) (>= netcoreapp2.0))
