RESTRICTION: >= net461
NUGET
  remote: https://www.nuget.org/api/v2
    Argu (4.1)
      FSharp.Core (>= 3.1)
    Expecto (5.1.2)
      Argu (>= 3.7)
      FSharp.Core (>= 4.1.18)
      Mono.Cecil (>= 0.10.0-beta7)
      System.ValueTuple (>= 4.4)
    FAKE (4.64.3)
    FSharp.Core (4.2.3)
    Mono.Cecil (0.10.0-beta7)
    System.ValueTuple (4.4)
